GEM
  remote: https://rubygems.org/
  specs:
    ast (2.4.0)
    httparty (0.17.3)
      mime-types (~> 3.0)
      multi_xml (>= 0.5.2)
    jaro_winkler (1.5.4)
    mime-types (3.3.1)
      mime-types-data (~> 3.2015)
    mime-types-data (3.2019.1009)
    mocha (1.11.2)
    multi_xml (0.6.0)
    parallel (1.19.1)
    parser (2.7.0.2)
      ast (~> 2.4.0)
    power_assert (1.1.5)
    rack (3.0.7)
    rainbow (3.0.0)
    roda (3.28.0)
      rack
    rubocop (0.79.0)
      jaro_winkler (~> 1.5.1)
      parallel (~> 1.10)
      parser (>= 2.7.0.1)
      rainbow (>= 2.2.2, < 4.0)
      ruby-progressbar (~> 1.7)
      unicode-display_width (>= 1.4.0, < 1.7)
    ruby-progressbar (1.10.1)
    test-unit (3.3.5)
      power_assert
    unicode-display_width (1.6.1)

PLATFORMS
  ruby

DEPENDENCIES
  httparty
  mocha
  roda
  rubocop
  test-unit

BUNDLED WITH
   2.1.4
